GEM
  remote: https://rubygems.org/
  specs:
    debug (1.6.3)
      irb (>= 1.3.6)
      reline (>= 0.3.1)
    diff-lcs (1.4.4)
    io-console (0.5.11)
    irb (1.4.3)
      reline (>= 0.3.0)
    pastel (0.8.0)
      tty-color (~> 0.5)
    perlin_noise (0.1.3)
    reline (0.3.1)
      io-console (~> 0.5)
    strings (0.2.1)
      strings-ansi (~> 0.2)
      unicode-display_width (>= 1.5, < 3.0)
      unicode_utils (~> 1.4)
    strings-ansi (0.2.0)
    tty-box (0.7.0)
      pastel (~> 0.8)
      strings (~> 0.2.0)
      tty-cursor (~> 0.7)
    tty-color (0.6.0)
    tty-cursor (0.7.1)
    tty-file (0.10.0)
      diff-lcs (~> 1.3)
      pastel (~> 0.8)
      tty-prompt (~> 0.22)
    tty-prompt (0.23.1)
      pastel (~> 0.8)
      tty-reader (~> 0.8)
    tty-reader (0.9.0)
      tty-cursor (~> 0.7)
      tty-screen (~> 0.8)
      wisper (~> 2.0)
    tty-screen (0.8.1)
    tty-table (0.12.0)
      pastel (~> 0.8)
      strings (~> 0.2.0)
      tty-screen (~> 0.8)
    unicode-display_width (2.1.0)
    unicode_utils (1.4.0)
    wisper (2.0.1)

PLATFORMS
  ruby

DEPENDENCIES
  debug (~> 1.6)
  pastel (= 0.8.0)
  perlin_noise (= 0.1.3)
  tty-box (= 0.7.0)
  tty-color (= 0.6.0)
  tty-file (= 0.10.0)
  tty-prompt (= 0.23.1)
  tty-screen (= 0.8.1)
  tty-table (= 0.12.0)

RUBY VERSION
   ruby 2.7.4p191

BUNDLED WITH
   2.2.32
